GEM
  remote: https://rubygems.org/
  specs:
    docopt (0.6.1)
    http-2-next (0.5.0)
    httpx (0.19.7)
      http-2-next (>= 0.4.1)

PLATFORMS
  x86_64-linux

DEPENDENCIES
  docopt (>= 0.6.1)
  httpx (>= 0.15.2)

BUNDLED WITH
   2.3.6
